PATH
  remote: .
  specs:
    bemer-bootstrap (0.1.0)
      bemer

GEM
  remote: https://rubygems.org/
  specs:
    ast (2.4.0)
    bemer (0.0.0)
    bundler-audit (0.6.0)
      bundler (~> 1.2)
      thor (~> 0.18)
    childprocess (0.8.0)
      ffi (~> 1.0, >= 1.0.11)
    colorize (0.8.1)
    fasterer (0.4.0)
      colorize (~> 0.7)
      ruby_parser (~> 3.9)
    ffi (1.9.21)
    iniparse (1.4.4)
    overcommit (0.43.0)
      childprocess (~> 0.6, >= 0.6.3)
      iniparse (~> 1.4)
    parallel (1.12.1)
    parser (2.4.0.2)
      ast (~> 2.3)
    powerpack (0.1.1)
    rainbow (3.0.0)
    rake (12.3.0)
    rubocop (0.52.1)
      parallel (~> 1.10)
      parser (>= 2.4.0.2, < 3.0)
      powerpack (~> 0.1)
      rainbow (>= 2.2.2, < 4.0)
      ruby-progressbar (~> 1.7)
      unicode-display_width (~> 1.0, >= 1.0.1)
    ruby-progressbar (1.9.0)
    ruby_parser (3.11.0)
      sexp_processor (~> 4.9)
    sexp_processor (4.10.1)
    thor (0.20.0)
    unicode-display_width (1.3.0)

PLATFORMS
  ruby

DEPENDENCIES
  bemer-bootstrap!
  bundler (~> 1.15)
  bundler-audit (~> 0.6.0)
  fasterer (~> 0.4.0)
  overcommit (~> 0.43.0)
  rake (~> 12.3.0)
  rubocop (~> 0.52.1)

BUNDLED WITH
   1.15.3
